GEM
  remote: http://rubygems.org/
  specs:
    actionmailer (2.3.5)
      actionpack (= 2.3.5)
    actionpack (2.3.5)
      activesupport (= 2.3.5)
      rack (~> 1.0.0)
    activerecord (2.3.5)
      activesupport (= 2.3.5)
    activeresource (2.3.5)
      activesupport (= 2.3.5)
    activesupport (2.3.5)
    acts-as-taggable-on (2.0.6)
    haml (3.0.18)
    rack (1.0.1)
    rails (2.3.5)
      actionmailer (= 2.3.5)
      actionpack (= 2.3.5)
      activerecord (= 2.3.5)
      activeresource (= 2.3.5)
      activesupport (= 2.3.5)
      rake (>= 0.8.3)
    rake (0.8.7)
    sqlite3-ruby (1.3.1)
    will_paginate (2.3.15)

PLATFORMS
  ruby

DEPENDENCIES
  acts-as-taggable-on
  haml
  rails (= 2.3.5)
  sqlite3-ruby
  will_paginate
